PATH
  remote: .
  specs:
    innodb_ruby (0.10.1)
      bindata (>= 1.4.5, < 3.0)
      digest-crc (~> 0.4, >= 0.4.1)
      histogram (~> 0.2)

GEM
  remote: https://rubygems.org/
  specs:
    ast (2.4.1)
    bindata (2.4.8)
    diff-lcs (1.3)
    digest-crc (0.6.1)
      rake (~> 13.0)
    gnuplot (2.6.2)
    histogram (0.2.4.1)
    parallel (1.20.1)
    parser (2.7.2.0)
      ast (~> 2.4.1)
    rainbow (3.0.0)
    rake (13.0.1)
    regexp_parser (1.8.2)
    rexml (3.2.4)
    rspec (3.9.0)
      rspec-core (~> 3.9.0)
      rspec-expectations (~> 3.9.0)
      rspec-mocks (~> 3.9.0)
    rspec-core (3.9.2)
      rspec-support (~> 3.9.3)
    rspec-expectations (3.9.2)
      diff-lcs (>= 1.2.0, < 2.0)
      rspec-support (~> 3.9.0)
    rspec-mocks (3.9.1)
      diff-lcs (>= 1.2.0, < 2.0)
      rspec-support (~> 3.9.0)
    rspec-support (3.9.3)
    rubocop (1.4.1)
      parallel (~> 1.10)
      parser (>= 2.7.1.5)
      rainbow (>= 2.2.2, < 4.0)
      regexp_parser (>= 1.8)
      rexml
      rubocop-ast (>= 1.1.1)
      ruby-progressbar (~> 1.7)
      unicode-display_width (>= 1.4.0, < 2.0)
    rubocop-ast (1.1.1)
      parser (>= 2.7.1.5)
    ruby-progressbar (1.10.1)
    unicode-display_width (1.7.0)

PLATFORMS
  ruby

DEPENDENCIES
  gnuplot
  innodb_ruby!
  rspec
  rubocop

BUNDLED WITH
   2.1.4
